GEM
  remote: https://rubygems.org/
  specs:
    activesupport (7.0.4.1)
      concurrent-ruby (~> 1.0, >= 1.0.2)
      i18n (>= 1.6, < 2)
      minitest (>= 5.1)
      tzinfo (~> 2.0)
    addressable (2.8.0)
      public_suffix (>= 2.0.2, < 5.0)
    backports (3.23.0)
    coffee-script (2.4.1)
      coffee-script-source
      execjs
    coffee-script-source (1.12.2)
    concurrent-ruby (1.1.10)
    contracts (0.13.0)
    dotenv (2.7.6)
    em-websocket (0.5.3)
      eventmachine (>= 0.12.9)
      http_parser.rb (~> 0)
    erubis (2.7.0)
    eventmachine (1.2.7)
    execjs (2.8.1)
    fast_blank (1.0.1)
    fastimage (2.2.6)
    ffi (1.15.5)
    haml (5.2.2)
      temple (>= 0.8.0)
      tilt
    hamster (3.0.0)
      concurrent-ruby (~> 1.0)
    hashie (3.6.0)
    http_parser.rb (0.8.0)
    i18n (1.6.0)
      concurrent-ruby (~> 1.0)
    kramdown (2.4.0)
      rexml
    listen (3.0.8)
      rb-fsevent (~> 0.9, >= 0.9.4)
      rb-inotify (~> 0.9, >= 0.9.7)
    memoist (0.16.2)
    middleman (4.4.3)
      coffee-script (~> 2.2)
      haml (>= 4.0.5, < 6.0)
      kramdown (>= 2.3.0)
      middleman-cli (= 4.4.3)
      middleman-core (= 4.4.3)
    middleman-cli (4.4.3)
      thor (>= 0.17.0, < 2.0)
    middleman-core (4.4.3)
      activesupport (>= 6.1, < 7.1)
      addressable (~> 2.4)
      backports (~> 3.6)
      bundler (~> 2.0)
      contracts (~> 0.13)
      dotenv
      erubis
      execjs (~> 2.0)
      fast_blank
      fastimage (~> 2.0)
      hamster (~> 3.0)
      hashie (~> 3.4)
      i18n (~> 1.6.0)
      listen (~> 3.0)
      memoist (~> 0.14)
      padrino-helpers (~> 0.15.0)
      parallel
      rack (>= 1.4.5, < 3)
      sassc (~> 2.0)
      servolux
      tilt (~> 2.0.9)
      toml
      uglifier (~> 3.0)
      webrick
    middleman-livereload (3.4.7)
      em-websocket (~> 0.5.1)
      middleman-core (>= 3.3)
      rack-livereload (~> 0.3.15)
    middleman-sprockets (4.1.1)
      middleman-core (~> 4.0)
      sprockets (>= 3.0)
    minitest (5.16.2)
    padrino-helpers (0.15.2)
      i18n (>= 0.6.7, < 2)
      padrino-support (= 0.15.2)
      tilt (>= 1.4.1, < 3)
    padrino-support (0.15.2)
    parallel (1.22.1)
    parslet (2.0.0)
    prettier_print (1.2.0)
    public_suffix (4.0.7)
    rack (2.2.6.2)
    rack-livereload (0.3.17)
      rack
    rb-fsevent (0.11.1)
    rb-inotify (0.10.1)
      ffi (~> 1.0)
    rbs (1.0.4)
    rexml (3.2.5)
    sassc (2.4.0)
      ffi (~> 1.9)
    servolux (0.13.0)
    sprockets (4.2.0)
      concurrent-ruby (~> 1.0)
      rack (>= 2.2.4, < 4)
    syntax_tree (6.0.1)
      prettier_print (>= 1.2.0)
    syntax_tree-haml (3.0.0)
      haml (>= 5.2, != 6.0.0)
      prettier_print (>= 1.0.0)
      syntax_tree (>= 5.0.1)
    syntax_tree-rbs (0.5.1)
      prettier_print
      rbs
      syntax_tree (>= 2.0.1)
    temple (0.9.1)
    thor (1.2.1)
    tilt (2.0.10)
    toml (0.3.0)
      parslet (>= 1.8.0, < 3.0.0)
    tzinfo (2.0.5)
      concurrent-ruby (~> 1.0)
    uglifier (3.2.0)
      execjs (>= 0.3.0, < 3)
    webrick (1.7.0)

PLATFORMS
  ruby

DEPENDENCIES
  middleman (~> 4.4.3)
  middleman-livereload
  middleman-sprockets
  prettier_print
  sassc
  sprockets (~> 4.2.0)
  syntax_tree
  syntax_tree-haml
  syntax_tree-rbs
  webrick

BUNDLED WITH
   2.3.25
